GIT
  remote: git://github.com/abstractive/abstractive.git
  revision: ff7fa8d3b4fd46728634d634051d4a188480a213
  branch: master
  specs:
    abstractive (0.0.9)

GIT
  remote: git://github.com/abstractive/esto.git
  revision: 40420aed82c96398fc69fcabd800a53f8cc28f23
  branch: master
  specs:
    esto (0.7.3)
      abstractive
      celluloid (>= 0.17.0)
      colorize
      timespans

GIT
  remote: git://github.com/abstractive/refrescar.git
  revision: 17ee7f589791adc013d0f66e42932e9e0844cd71
  branch: master
  specs:
    refrescar (0.4.0)
      abstractive
      celluloid (>= 0.17.0)
      rb-inotify

GIT
  remote: git://github.com/abstractive/rubysl-socket.git
  revision: 725886fd4473e3cffbf3f53bd43b4bb60a56beb6
  branch: phyre
  specs:
    rubysl-socket (2.0.1)

GIT
  remote: git://github.com/abstractive/timespans.git
  revision: 001404ace63eb7b1aa30564af03a1a06e33a7f3f
  branch: master
  specs:
    timespans (0.1.0)
      abstractive
      hitimes (>= 1.2.2)

GIT
  remote: git://github.com/celluloid/celluloid-io.git
  revision: 625aa2a41ba66c376f80a47f4449808dbbfcb113
  branch: 0.17.0-dependent
  submodules: true
  specs:
    celluloid-io (0.16.5.pre0)
      bundler
      celluloid (>= 0.17.0)
      dotenv
      nenv
      nio4r (>= 1.1.0)
      rspec-logsplit (>= 0.1.2)
      timers (~> 4.0.0)

GIT
  remote: git://github.com/celluloid/celluloid-task-pooledfiber.git
  revision: 4f2656e63934407413e58d3e7e488d2601456e14
  branch: 0.2.0-prerelease
  specs:
    celluloid-task-pooledfiber (0.2.0)

GIT
  remote: git://github.com/celluloid/celluloid-zmq.git
  revision: 0280da56f642305818366107547f4d213ef50ce6
  branch: router-patch
  submodules: true
  specs:
    celluloid-zmq (0.17.0.pre0)
      bundler
      celluloid (>= 0.17.0)
      dotenv
      ffi
      ffi-rzmq
      nenv
      rspec-logsplit (>= 0.1.2)
      timers (~> 4.0.0)

GIT
  remote: git://github.com/celluloid/celluloid.git
  revision: 05c31512e770e42b2b4b4f2fd5a1016e9c56dbf8
  branch: master
  submodules: true
  specs:
    celluloid (0.17.0)
      bundler
      celluloid-essentials
      celluloid-extras
      celluloid-fsm
      celluloid-pool
      celluloid-supervision
      dotenv
      nenv
      rspec-logsplit (>= 0.1.2)
      timers (~> 4.0.0)

GIT
  remote: git@github.com:energyone/ef_service-events.git
  revision: 4bfc980d86a671d43f58fc9cc1cb8b2504af85c4
  branch: master
  specs:
    ef_service-events (0.3.0)

GIT
  remote: git@github.com:energyone/ef_service-process.git
  revision: 786c478971b7ff8c662fbeebe4a88614ef5e0b88
  branch: master
  specs:
    ef_service-process (0.5.0)

GIT
  remote: git@github.com:energyone/ef_service-tasks.git
  revision: ef586956fc6c813ab2394313e26d6dc43ba48849
  branch: master
  specs:
    ef_service-tasks (0.3.0)

GIT
  remote: git@github.com:energyone/ef_service-webstack.git
  revision: 1f9d118e46557ada986547da02ac06017f79f0a0
  branch: master
  specs:
    ef_service-webstack (0.7.0)

GEM
  remote: https://rubygems.org/
  specs:
    celluloid-essentials (0.20.1.1)
      bundler
      dotenv
      nenv
      rspec-logsplit (>= 0.1.2)
      timers (~> 4.0.0)
    celluloid-extras (0.20.0)
      bundler
      dotenv
      nenv
      rspec-logsplit (>= 0.1.2)
      timers (~> 4.0.0)
    celluloid-fsm (0.20.0)
      bundler
      dotenv
      nenv
      rspec-logsplit (>= 0.1.2)
      timers (~> 4.0.0)
    celluloid-pool (0.20.0)
      bundler
      dotenv
      nenv
      rspec-logsplit (>= 0.1.2)
      timers (~> 4.0.0)
    celluloid-supervision (0.20.0)
      bundler
      dotenv
      nenv
      rspec-logsplit (>= 0.1.2)
      timers (~> 4.0.0)
    coderay (1.1.0)
    colorize (0.7.7)
    dotenv (2.0.2)
    ffi (1.9.10)
    ffi (1.9.10-java)
    ffi-rzmq (2.0.4)
      ffi-rzmq-core (>= 1.0.1)
    ffi-rzmq-core (1.0.3)
      ffi (~> 1.9)
    hitimes (1.2.2)
    hitimes (1.2.2-java)
    method_source (0.8.2)
    msgpack (0.6.2)
    msgpack (0.6.2-java)
    nenv (0.2.0)
    nio4r (1.1.1)
    nio4r (1.1.1-java)
    pry (0.10.1)
      coderay (~> 1.1.0)
      method_source (~> 0.8.1)
      slop (~> 3.4)
    pry (0.10.1-java)
      coderay (~> 1.1.0)
      method_source (~> 0.8.1)
      slop (~> 3.4)
      spoon (~> 0.0)
    puma (2.12.2)
    puma (2.12.2-java)
    rack (1.6.4)
    rack-protection (1.5.3)
      rack
    rb-inotify (0.9.5)
      ffi (>= 0.5.0)
    rspec-logsplit (0.1.3)
    sinatra (1.4.6)
      rack (~> 1.4)
      rack-protection (~> 1.4)
      tilt (>= 1.3, < 3)
    slop (3.6.0)
    spoon (0.0.4)
      ffi
    tilt (2.0.1)
    timers (4.0.1)
      hitimes
    websocket_parser (1.0.0)

PLATFORMS
  java
  ruby

DEPENDENCIES
  abstractive!
  celluloid!
  celluloid-io!
  celluloid-task-pooledfiber!
  celluloid-zmq!
  colorize
  ef_service-events!
  ef_service-process!
  ef_service-tasks!
  ef_service-webstack!
  esto!
  msgpack
  pry
  puma
  refrescar!
  rubysl-socket!
  sinatra
  timespans!
  websocket_parser

BUNDLED WITH
   1.10.5
